GEM
  remote: https://rubygems.org/
  specs:
    addressable (2.6.0)
      public_suffix (>= 2.0.2, < 4.0)
    capybara (3.25.0)
      addressable
      mini_mime (>= 0.1.3)
      nokogiri (~> 1.8)
      rack (>= 1.6.0)
      rack-test (>= 0.6.3)
      regexp_parser (~> 1.5)
      xpath (~> 3.2)
    childprocess (0.9.0)
      ffi (~> 1.0, >= 1.0.11)
    diff-lcs (1.3)
    ffi (1.9.25)
    mini_mime (1.0.1)
    mini_portile2 (2.4.0)
    nokogiri (1.10.3)
      mini_portile2 (~> 2.4.0)
    public_suffix (3.1.1)
    rack (2.0.7)
    rack-test (1.1.0)
      rack (>= 1.0, < 3)
    regexp_parser (1.5.1)
    rspec-core (3.5.4)
      rspec-support (~> 3.5.0)
    rspec-expectations (3.5.0)
      diff-lcs (>= 1.2.0, < 2.0)
      rspec-support (~> 3.5.0)
    rspec-support (3.5.0)
    rubyzip (1.2.1)
    selenium-webdriver (3.14.0)
      childprocess (~> 0.5)
      rubyzip (~> 1.2)
    xpath (3.2.0)
      nokogiri (~> 1.8)

PLATFORMS
  ruby

DEPENDENCIES
  capybara
  rspec-core
  rspec-expectations
  selenium-webdriver

BUNDLED WITH
   1.17.1
